PATH
  remote: ../../gems/dmp-authorizer
  specs:
    dmp-authorizer (0.1.0)

PATH
  remote: ../../gems/dmp-dynamo_adapter
  specs:
    dmp-dynamo_adapter (0.1.0)
      aws-sdk-dynamodb (~> 1.74)

PATH
  remote: ../../gems/dmp-json_validator
  specs:
    dmp-json_validator (0.1.2)
      json-schema (~> 3.0)

PATH
  remote: ../../gems/dmp-response_formatter
  specs:
    dmp-response_formatter (0.1.0)

GEM
  remote: https://rubygems.org/
  specs:
    addressable (2.8.0)
      public_suffix (>= 2.0.2, < 5.0)
    aws-eventstream (1.2.0)
    aws-partitions (1.606.0)
    aws-sdk-core (3.131.2)
      aws-eventstream (~> 1, >= 1.0.2)
      aws-partitions (~> 1, >= 1.525.0)
      aws-sigv4 (~> 1.1)
      jmespath (~> 1, >= 1.6.1)
    aws-sdk-dynamodb (1.75.0)
      aws-sdk-core (~> 3, >= 3.127.0)
      aws-sigv4 (~> 1.1)
    aws-sigv4 (1.5.0)
      aws-eventstream (~> 1, >= 1.0.2)
    jmespath (1.6.1)
    json-schema (3.0.0)
      addressable (>= 2.8)
    public_suffix (4.0.7)

PLATFORMS
  ruby
  x86_64-linux

DEPENDENCIES
  dmp-authorizer!
  dmp-dynamo_adapter!
  dmp-json_validator!
  dmp-response_formatter!

RUBY VERSION
   ruby 2.7.6p219

BUNDLED WITH
   2.3.14
